GEM
  remote: https://rubygems.org/
  specs:
    date (3.4.0)
    mail (2.8.0)
      mini_mime (>= 0.1.1)
      net-imap
      net-pop
      net-smtp
    mini_mime (1.1.4)
    net-imap (0.5.1)
      date
      net-protocol
    net-pop (0.1.2)
      net-protocol
    net-protocol (0.2.2)
      timeout
    net-smtp (0.5.0)
      net-protocol
    timeout (0.4.2)

PLATFORMS
  arm64-darwin-24
  ruby

DEPENDENCIES
  mail

BUNDLED WITH
   2.5.23
