GEM
  remote: https://rubygems.org/
  specs:
    bigdecimal (3.1.7)
    minitest (5.0.0)
    rake (12.3.3)

PLATFORMS
  arm64-darwin-23
  ruby

DEPENDENCIES
  bigdecimal
  minitest (~> 5.0.0)
  rake

BUNDLED WITH
   2.5.17
